GEM
  remote: https://rubygems.org/
  specs:
    activemodel (7.0.8.4)
      activesupport (= 7.0.8.4)
    activerecord (7.0.8.4)
      activemodel (= 7.0.8.4)
      activesupport (= 7.0.8.4)
    activesupport (7.0.8.4)
      concurrent-ruby (~> 1.0, >= 1.0.2)
      i18n (>= 1.6, < 2)
      minitest (>= 5.1)
      tzinfo (~> 2.0)
    base64 (0.2.0)
    bcrypt (3.1.20)
    coderay (1.1.3)
    concurrent-ruby (1.3.3)
    i18n (1.14.5)
      concurrent-ruby (~> 1.0)
    method_source (1.1.0)
    minitest (5.24.1)
    multi_json (1.15.0)
    mustermann (3.0.1)
      ruby2_keywords (~> 0.0.1)
    passenger (6.0.23)
      rack (>= 1.6.13)
      rackup
      rake (>= 12.3.3)
    pry (0.14.2)
      coderay (~> 1.1)
      method_source (~> 1.0)
    rack (2.2.9)
    rack-protection (3.2.0)
      base64 (>= 0.1.0)
      rack (~> 2.2, >= 2.2.4)
    rackup (1.0.0)
      rack (< 3)
      webrick
    rake (13.2.1)
    ruby2_keywords (0.0.5)
    sinatra (3.2.0)
      mustermann (~> 3.0)
      rack (~> 2.2, >= 2.2.4)
      rack-protection (= 3.2.0)
      tilt (~> 2.0)
    sinatra-activerecord (2.0.27)
      activerecord (>= 4.1)
      sinatra (>= 1.0)
    sinatra-contrib (3.2.0)
      multi_json (>= 0.0.2)
      mustermann (~> 3.0)
      rack-protection (= 3.2.0)
      sinatra (= 3.2.0)
      tilt (~> 2.0)
    sqlite3 (1.4.4)
    tilt (2.4.0)
    tzinfo (2.0.6)
      concurrent-ruby (~> 1.0)
    webrick (1.8.1)

PLATFORMS
  x86_64-linux-musl

DEPENDENCIES
  activerecord (< 7.1.0)
  bcrypt
  passenger
  pry
  rake
  sinatra (~> 3.2.0)
  sinatra-activerecord
  sinatra-contrib
  sqlite3 (~> 1.4.0)

BUNDLED WITH
   2.4.19
